GEM
  remote: https://rubygems.org/
  specs:
    chunky_png (1.3.11)
    rqrcode (1.1.2)
      chunky_png (~> 1.0)
      rqrcode_core (~> 0.1)
    rqrcode_core (0.1.2)

PLATFORMS
  ruby

DEPENDENCIES
  rqrcode!

BUNDLED WITH
   2.1.4
