GEM
  remote: https://rubygems.org/
  specs:
    chunky_png (1.3.14)
    mail (2.7.1)
      mini_mime (>= 0.1.1)
    mini_mime (1.0.2)
    pony (1.13.1)
      mail (>= 2.0)
    rqrcode (1.1.2)
      chunky_png (~> 1.0)
      rqrcode_core (~> 0.1)
    rqrcode_core (0.1.2)

PLATFORMS
  ruby

DEPENDENCIES
  pony (~> 1.11)!
  rqrcode!

BUNDLED WITH
   2.1.4
